PATH
  remote: .
  specs:
    rack-limiter (0.0.1)
      chronic (>= 0.4.3)
      rack (>= 1.0.0)
      redis-namespace (~> 1.0.2)

GEM
  remote: http://rubygems.org/
  specs:
    chronic (0.4.3)
    rack (1.3.0)
    redis (2.2.1)
    redis-namespace (1.0.3)
      redis (< 3.0.0)

PLATFORMS
  ruby

DEPENDENCIES
  rack-limiter!
